PATH
  remote: .
  specs:
    my-last-cv (0.0.5)
      prawn (~> 2.5)

GEM
  remote: https://rubygems.org/
  specs:
    bigdecimal (3.2.2)
    diff-lcs (1.6.2)
    matrix (0.4.3)
    pdf-core (0.10.0)
    prawn (2.5.0)
      matrix (~> 0.4)
      pdf-core (~> 0.10.0)
      ttfunk (~> 1.8)
    rake (13.3.0)
    rspec (3.13.1)
      rspec-core (~> 3.13.0)
      rspec-expectations (~> 3.13.0)
      rspec-mocks (~> 3.13.0)
    rspec-core (3.13.5)
      rspec-support (~> 3.13.0)
    rspec-expectations (3.13.5)
      diff-lcs (>= 1.2.0, < 2.0)
      rspec-support (~> 3.13.0)
    rspec-mocks (3.13.5)
      diff-lcs (>= 1.2.0, < 2.0)
      rspec-support (~> 3.13.0)
    rspec-support (3.13.4)
    ttfunk (1.8.0)
      bigdecimal (~> 3.1)

PLATFORMS
  ruby
  x86_64-linux

DEPENDENCIES
  my-last-cv!
  rake (~> 13.3)
  rspec (~> 3.12)

BUNDLED WITH
   2.7.1
